RESTRICTION: >= net461
NUGET
  remote: https://www.nuget.org/api/v2
    FSharp.Data.SqlClient (1.8.2)
    Microsoft.Azure.KeyVault.Core (2.0.4)
    Newtonsoft.Json (11.0.2)
    NUnit (3.10.1)
    WindowsAzure.Storage (9.1)
      Microsoft.Azure.KeyVault.Core (>= 1.0)
      Newtonsoft.Json (>= 10.0.2)

GROUP Build
NUGET
  remote: https://www.nuget.org/api/v2
    FAKE (4.64.11)
